GEM
  remote: https://rubygems.org/
  specs:
    foundation (1.0.4)
      thor (>= 0.18.1)
    thor (0.19.1)

PLATFORMS
  ruby

DEPENDENCIES
  foundation
